GEM
  remote: https://rubygems.org/
  specs:
    aws-eventstream (1.0.3)
    aws-sdk (2.6.50)
      aws-sdk-resources (= 2.6.50)
    aws-sdk-core (2.6.50)
      aws-sigv4 (~> 1.0)
      jmespath (~> 1.0)
    aws-sdk-resources (2.6.50)
      aws-sdk-core (= 2.6.50)
    aws-sigv4 (1.1.0)
      aws-eventstream (~> 1.0, >= 1.0.2)
    daemons (1.3.1)
    dalli (2.7.10)
    dotenv (2.7.5)
    eventmachine (1.2.7)
    foreman (0.85.0)
      thor (~> 0.19.1)
    httparty (0.17.0)
      mime-types (~> 3.0)
      multi_xml (>= 0.5.2)
    jmespath (1.4.0)
    mime-types (3.2.2)
      mime-types-data (~> 3.2015)
    mime-types-data (3.2019.0331)
    multi_xml (0.6.0)
    mustermann (1.0.3)
    rack (2.0.7)
    rack-protection (2.0.5)
      rack
    rake (12.3.3)
    redis (4.1.2)
    sinatra (2.0.5)
      mustermann (~> 1.0)
      rack (~> 2.0)
      rack-protection (= 2.0.5)
      tilt (~> 2.0)
    thin (1.7.2)
      daemons (~> 1.0, >= 1.0.9)
      eventmachine (~> 1.0, >= 1.0.4)
      rack (>= 1, < 3)
    thor (0.19.4)
    tilt (2.0.9)

PLATFORMS
  ruby

DEPENDENCIES
  aws-sdk (~> 2.6.30)
  dalli
  dotenv
  foreman
  httparty
  rake
  redis
  sinatra
  thin

RUBY VERSION
   ruby 2.6.1p33

BUNDLED WITH
   2.0.1
