GEM
  remote: https://rubygems.org/
  specs:
    daemons (1.2.6)
    dalli (2.7.8)
    dotenv (2.4.0)
    eventmachine (1.2.7)
    foreman (0.84.0)
      thor (~> 0.19.1)
    httparty (0.16.2)
      multi_xml (>= 0.5.2)
    multi_xml (0.6.0)
    mustermann (1.0.2)
    rack (2.0.8)
    rack-protection (2.0.2)
      rack
    rake (12.3.1)
    redis (4.0.1)
    sinatra (2.0.2)
      mustermann (~> 1.0)
      rack (~> 2.0)
      rack-protection (= 2.0.2)
      tilt (~> 2.0)
    thin (1.7.2)
      daemons (~> 1.0, >= 1.0.9)
      eventmachine (~> 1.0, >= 1.0.4)
      rack (>= 1, < 3)
    thor (0.19.4)
    tilt (2.0.8)

PLATFORMS
  ruby

DEPENDENCIES
  dalli
  dotenv
  foreman
  httparty
  rake
  redis
  sinatra
  thin

RUBY VERSION
   ruby 2.5.1p57

BUNDLED WITH
   1.16.1
